GEM
  remote: http://rubygems.org/
  specs:
    classifier (1.3.3)
      fast-stemmer (>= 1.0.0)
    coffee-script (2.2.0)
      coffee-script-source
      execjs
    coffee-script-source (1.3.3)
    commonjs (0.2.0)
      therubyracer (~> 0.9.9)
    directory_watcher (1.4.0)
    execjs (1.4.0)
      multi_json (~> 1.0)
    fast-stemmer (1.0.0)
    haml (3.1.4)
    jekyll (0.10.0)
      classifier (>= 1.3.1)
      directory_watcher (>= 1.1.1)
      liquid (>= 1.9.0)
      maruku (>= 0.5.9)
    jekyll_ext (0.1.4)
    less (2.0.10)
      commonjs (~> 0.2.0)
      therubyracer (~> 0.9.9)
    libv8 (3.3.10.4)
    liquid (2.2.2)
    maruku (0.6.0)
      syntax (>= 1.0.0)
    multi_json (1.3.6)
    rack (1.2.2)
    rack-jekyll (0.3.5)
      jekyll
      rack
    rake (0.9.2.2)
    rdiscount (1.6.8)
    sass (3.1.16)
    sinatra (1.2.8)
      rack (~> 1.1)
      tilt (>= 1.2.2, < 2.0)
    syntax (1.0.0)
    therubyracer (0.9.9)
      libv8 (~> 3.3.10)
    tilt (1.3.3)

PLATFORMS
  ruby

DEPENDENCIES
  coffee-script
  haml
  jekyll
  jekyll_ext
  less
  rack
  rack-jekyll
  rake
  rdiscount
  sass
  sinatra
